GEM
  remote: https://rubygems.org/
  specs:
    mini_portile2 (2.4.0)
    nokogiri (1.10.10-x86-mingw32)
      mini_portile2 (~> 2.4.0)

PLATFORMS
  x86-mingw32

DEPENDENCIES
  nokogiri (>= 1.10.10)

BUNDLED WITH
   2.3.23
